PATH
  remote: .
  specs:
    git_diff (0.3.0)

GEM
  remote: https://rubygems.org/
  specs:
    minitest (5.8.0)
    rake (10.1.0)

PLATFORMS
  ruby

DEPENDENCIES
  bundler (~> 1.3)
  git_diff!
  minitest (~> 5.0)
  rake

BUNDLED WITH
   1.10.5
